PATH
  remote: .
  specs:
    sidekiq-redislog (0.0.1)
      sidekiq (>= 2.2.1)
      sinatra
      slim
      sprockets

GEM
  remote: https://rubygems.org/
  specs:
    celluloid (0.14.0)
      timers (>= 1.0.0)
    connection_pool (1.0.0)
    hike (1.2.2)
    multi_json (1.7.3)
    rack (1.4.5)
    rack-protection (1.5.0)
      rack
    rack-test (0.6.2)
      rack (>= 1.0)
    rake (10.0.4)
    redis (3.0.4)
    redis-namespace (1.3.0)
      redis (~> 3.0.0)
    sidekiq (2.11.2)
      celluloid (>= 0.13.0)
      connection_pool (>= 1.0.0)
      multi_json
      redis (>= 3.0)
      redis-namespace
    sinatra (1.3.6)
      rack (~> 1.4)
      rack-protection (~> 1.3)
      tilt (~> 1.3, >= 1.3.3)
    slim (1.3.8)
      temple (~> 0.6.3)
      tilt (~> 1.3.3)
    sprockets (2.2.2)
      hike (~> 1.2)
      multi_json (~> 1.0)
      rack (~> 1.0)
      tilt (~> 1.1, != 1.3.0)
    temple (0.6.4)
    tilt (1.3.7)
    timers (1.1.0)

PLATFORMS
  ruby

DEPENDENCIES
  rack-test
  rake
  sidekiq-redislog!
